GEM
  remote: https://rubygems.org/
  specs:
    puma (2.7.1)
      rack (>= 1.1, < 2.0)
    rack (1.5.2)
    rack-protection (1.5.2)
      rack
    sinatra (1.4.4)
      rack (~> 1.4)
      rack-protection (~> 1.4)
      tilt (~> 1.3, >= 1.3.4)
    slim (1.3.9)
      temple (~> 0.6.3)
      tilt (~> 1.3, >= 1.3.3)
    temple (0.6.7)
    tilt (1.4.1)

PLATFORMS
  ruby

DEPENDENCIES
  puma
  sinatra
  slim (~> 1.3.9)
